GEM
  remote: https://rubygems.org/
  specs:
    htmlentities (4.3.4)
    json (1.8.3)
    lightwaverf (0.12.1)
      htmlentities
      json
      ri_cal
    ri_cal (0.8.8)

PLATFORMS
  ruby

DEPENDENCIES
  lightwaverf

BUNDLED WITH
   1.12.4
